GEM
  remote: https://rubygems.org/
  specs:
    hashie (3.3.2)
    highline (1.6.21)
    soda-ruby (0.2.12)
      hashie
    trollop (2.1.1)

PLATFORMS
  ruby

DEPENDENCIES
  highline
  soda-ruby
  trollop
